GEM
  remote: http://rubygems.org/
  specs:
    addressable (2.2.8)
    coffee-script (2.2.0)
      coffee-script-source
      execjs
    coffee-script-source (1.3.3)
    em-websocket (0.3.6)
      addressable (>= 2.1.1)
      eventmachine (>= 0.12.9)
    eventmachine (0.12.10)
    execjs (1.4.0)
      multi_json (~> 1.0)
    ffi (1.0.11)
    growl_notify (0.0.3)
      rb-appscript
    guard (1.2.3)
      listen (>= 0.4.2)
      thor (>= 0.14.6)
    guard-coffeescript (1.0.0)
      coffee-script (>= 2.2.0)
      guard (>= 1.1.0)
    guard-livereload (1.0.0)
      em-websocket (>= 0.2.0)
      guard (>= 1.1.0)
      multi_json (~> 1.0)
    guard-sass (0.7.1)
      guard (>= 1.1.0)
      sass (>= 3.1)
    listen (0.4.7)
      rb-fchange (~> 0.0.5)
      rb-fsevent (~> 0.9.1)
      rb-inotify (~> 0.8.8)
    multi_json (1.3.6)
    plist (3.1.0)
    rb-appscript (0.6.1)
    rb-fchange (0.0.5)
      ffi
    rb-fsevent (0.9.1)
    rb-inotify (0.8.8)
      ffi (>= 0.5.0)
    sass (3.1.20)
    thor (0.15.4)

PLATFORMS
  ruby

DEPENDENCIES
  growl_notify
  guard-coffeescript
  guard-livereload
  guard-sass (~> 0.7.1)
  plist
